STORAGE: NONE
RESTRICTION: == net7.0
NUGET
  remote: https://api.nuget.org/v3/index.json
    FSharp.Core (7.0)
    MathNet.Numerics (4.15)
    MathNet.Numerics.FSharp (4.15)
      FSharp.Core (>= 4.3.3)
      MathNet.Numerics (>= 4.15)
